GEM
  remote: https://rubygems.org/
  specs:
    jekyll (4.3.2)
    jekyll-theme-minimal (0.1.1)

PLATFORMS
  ruby

DEPENDENCIES
  jekyll (~> 4.3.2)
  jekyll-theme-minimal

BUNDLED WITH
   2.4.22